GEM
  remote: http://rubygems.org/
  specs:
    eventmachine (0.12.10)
    gemcutter (0.6.1)
    git (1.2.5)
    jeweler (1.4.0)
      gemcutter (>= 0.1.0)
      git (>= 1.2.5)
      rubyforge (>= 2.0.0)
    json_pure (1.4.6)
    redis (2.0.10)
    redis-namespace (0.10.0)
      redis (< 3.0.0)
    rspec (1.3.0)
    rubyforge (2.0.4)
      json_pure (>= 1.1.7)

PLATFORMS
  ruby

DEPENDENCIES
  eventmachine (~> 0.12)
  jeweler (~> 1.4)
  redis (~> 2.0.10)
  redis-namespace (~> 0.10.0)
  rspec (~> 1.3)
