GEM
  specs:
    eventmachine (0.12.10)
    rspec (1.3.0)

PLATFORMS
  ruby

DEPENDENCIES
  eventmachine (~> 0.12)
  rspec (~> 1.3)
